GEM
  remote: http://rubygems.org/
  specs:
    activemodel (3.0.3)
      activesupport (= 3.0.3)
      builder (~> 2.1.2)
      i18n (~> 0.4)
    activerecord (3.0.3)
      activemodel (= 3.0.3)
      activesupport (= 3.0.3)
      arel (~> 2.0.2)
      tzinfo (~> 0.3.23)
    activesupport (3.0.3)
    arel (2.0.7)
    builder (2.1.2)
    bzip2-ruby (0.2.7)
    chronic_duration (0.9.2)
    cinch (1.1.1)
    i18n (0.5.0)
    rubyzip (0.9.4)
    sqlite3 (1.3.3)
    steam-condenser (0.12.0)
      bzip2-ruby (~> 0.2.7)
    tzinfo (0.3.24)

PLATFORMS
  ruby

DEPENDENCIES
  activerecord
  chronic_duration
  cinch
  rubyzip
  sqlite3
  steam-condenser
