GIT
  remote: git://github.com/qpingu/steam-condenser.git
  revision: 114b24b90d450b5dc967ff21db8bb3dbcc87cfcb
  specs:
    steam-condenser (0.12.1)
      bzip2-ruby (~> 0.2.7)
      json (~> 1.5.1)

GEM
  remote: http://rubygems.org/
  specs:
    addressable (2.2.4)
    bzip2-ruby (0.2.7)
    chronic_duration (0.9.2)
    cinch (1.1.1)
    data_objects (0.10.3)
      addressable (~> 2.1)
    dm-aggregates (1.1.0)
      dm-core (~> 1.1.0)
    dm-constraints (1.1.0)
      dm-core (~> 1.1.0)
    dm-core (1.1.0)
      addressable (~> 2.2.4)
    dm-do-adapter (1.1.0)
      data_objects (~> 0.10.2)
      dm-core (~> 1.1.0)
    dm-is-state_machine (1.1.0)
      dm-core (~> 1.1.0)
    dm-migrations (1.1.0)
      dm-core (~> 1.1.0)
    dm-sqlite-adapter (1.1.0)
      dm-do-adapter (~> 1.1.0)
      do_sqlite3 (~> 0.10.2)
    dm-timestamps (1.1.0)
      dm-core (~> 1.1.0)
    dm-validations (1.1.0)
      dm-core (~> 1.1.0)
    do_sqlite3 (0.10.3)
      data_objects (= 0.10.3)
    json (1.5.1)
    rubyzip (0.9.4)
    sqlite3 (1.3.3)

PLATFORMS
  ruby

DEPENDENCIES
  chronic_duration
  cinch
  dm-aggregates
  dm-constraints
  dm-core
  dm-is-state_machine
  dm-migrations
  dm-sqlite-adapter
  dm-timestamps
  dm-validations
  rubyzip
  sqlite3
  steam-condenser!
