GIT
  remote: git://github.com/qpingu/steam-condenser.git
  revision: bd6f38cde5ee9f9d2948fd4fe7ab1d4ab2e388f6
  specs:
    steam-condenser (0.12.1)
      bzip2-ruby (~> 0.2.7)
      json (~> 1.5.1)

GEM
  remote: http://rubygems.org/
  specs:
    activemodel (3.0.4)
      activesupport (= 3.0.4)
      builder (~> 2.1.2)
      i18n (~> 0.4)
    activerecord (3.0.4)
      activemodel (= 3.0.4)
      activesupport (= 3.0.4)
      arel (~> 2.0.2)
      tzinfo (~> 0.3.23)
    activesupport (3.0.4)
    arel (2.0.8)
    builder (2.1.2)
    bzip2-ruby (0.2.7)
    chronic_duration (0.9.2)
    cinch (1.1.1)
    i18n (0.5.0)
    json (1.5.1)
    rubyzip (0.9.4)
    sqlite3 (1.3.3)
    tzinfo (0.3.24)

PLATFORMS
  ruby

DEPENDENCIES
  activerecord
  chronic_duration
  cinch
  rubyzip
  sqlite3
  steam-condenser!
