GIT
  remote: git://github.com/qpingu/steam-condenser.git
  revision: 114b24b90d450b5dc967ff21db8bb3dbcc87cfcb
  specs:
    steam-condenser (0.12.1)
      bzip2-ruby (~> 0.2.7)
      json (~> 1.5.1)

GEM
  remote: http://rubygems.org/
  specs:
    addressable (2.2.4)
    builder (2.1.2)
    bzip2-ruby (0.2.7)
    chronic_duration (0.9.2)
    cinch (1.1.1)
    cucumber (0.10.2)
      builder (>= 2.1.2)
      diff-lcs (>= 1.1.2)
      gherkin (>= 2.3.5)
      json (>= 1.4.6)
      term-ansicolor (>= 1.0.5)
    data_objects (0.10.3)
      addressable (~> 2.1)
    diff-lcs (1.1.2)
    dm-adjust (1.1.0)
      dm-core (~> 1.1.0)
    dm-aggregates (1.1.0)
      dm-core (~> 1.1.0)
    dm-constraints (1.1.0)
      dm-core (~> 1.1.0)
    dm-core (1.1.0)
      addressable (~> 2.2.4)
    dm-do-adapter (1.1.0)
      data_objects (~> 0.10.2)
      dm-core (~> 1.1.0)
    dm-is-list (1.1.0)
      dm-adjust (~> 1.1.0)
    dm-is-state_machine (1.1.0)
      dm-core (~> 1.1.0)
    dm-migrations (1.1.0)
      dm-core (~> 1.1.0)
    dm-postgres-adapter (1.1.0)
      dm-do-adapter (~> 1.1.0)
      do_postgres (~> 0.10.2)
    dm-timestamps (1.1.0)
      dm-core (~> 1.1.0)
    dm-validations (1.1.0)
      dm-core (~> 1.1.0)
    do_postgres (0.10.3)
      data_objects (= 0.10.3)
    gherkin (2.3.6)
      json (>= 1.4.6)
    json (1.5.1)
    rspec (2.5.0)
      rspec-core (~> 2.5.0)
      rspec-expectations (~> 2.5.0)
      rspec-mocks (~> 2.5.0)
    rspec-core (2.5.1)
    rspec-expectations (2.5.0)
      diff-lcs (~> 1.1.2)
    rspec-mocks (2.5.0)
    rubyzip (0.9.4)
    term-ansicolor (1.0.5)

PLATFORMS
  ruby

DEPENDENCIES
  chronic_duration
  cinch
  cucumber
  dm-aggregates
  dm-constraints
  dm-core
  dm-is-list
  dm-is-state_machine
  dm-migrations
  dm-postgres-adapter
  dm-timestamps
  dm-validations
  rspec
  rubyzip
  steam-condenser!
