PATH
  remote: gems/cinch
  specs:
    cinch (1.0.2)

GEM
  remote: http://rubygems.org/
  specs:
    activemodel (3.0.3)
      activesupport (= 3.0.3)
      builder (~> 2.1.2)
      i18n (~> 0.4)
    activerecord (3.0.3)
      activemodel (= 3.0.3)
      activesupport (= 3.0.3)
      arel (~> 2.0.2)
      tzinfo (~> 0.3.23)
    activesupport (3.0.3)
    arel (2.0.6)
    builder (2.1.2)
    chronic_duration (0.9.2)
    ffi (1.0.4-x86-mingw32)
      rake (>= 0.8.7)
    i18n (0.5.0)
    ip (0.2.2)
    rake (0.8.7)
    rcon (0.2.1)
      ip (>= 0.2.1)
    rubyzip (0.9.4)
    sqlite3 (0.1.1)
      ffi (>= 0.6.3)
    tzinfo (0.3.23)

PLATFORMS
  x86-mingw32

DEPENDENCIES
  activerecord
  chronic_duration
  cinch!
  rcon
  rubyzip
  sqlite3
