GIT
  remote: git://github.com/cinchrb/cinch.git
  revision: b221ee0b368717d75f36351d9b14a381cb1431ca
  specs:
    cinch (1.0.2)

GEM
  remote: http://rubygems.org/
  specs:
    activemodel (3.0.3)
      activesupport (= 3.0.3)
      builder (~> 2.1.2)
      i18n (~> 0.4)
    activerecord (3.0.3)
      activemodel (= 3.0.3)
      activesupport (= 3.0.3)
      arel (~> 2.0.2)
      tzinfo (~> 0.3.23)
    activesupport (3.0.3)
    arel (2.0.6)
    builder (2.1.2)
    chronic_duration (0.9.2)
    i18n (0.5.0)
    ip (0.2.2)
    rcon (0.2.1)
      ip (>= 0.2.1)
    rubyzip (0.9.4)
    sqlite3-ruby (1.3.2-x86-mingw32)
    tzinfo (0.3.23)

PLATFORMS
  x86-mingw32

DEPENDENCIES
  activerecord
  chronic_duration
  cinch!
  rcon
  rubyzip
  sqlite3-ruby
